GEM
  remote: https://rubygems.org/
  specs:
    childprocess (1.0.1)
      rake (< 13.0)
    coderay (1.1.2)
    hitimes (1.3.1)
    method_source (0.9.2)
    pry (0.12.2)
      coderay (~> 1.1.0)
      method_source (~> 0.9.0)
    rake (12.3.2)
    regexp_parser (1.5.1)
    rubyzip (1.2.2)
    selenium-webdriver (3.142.2)
      childprocess (>= 0.5, < 2.0)
      rubyzip (~> 1.2, >= 1.2.2)
    slop (4.6.2)
    snmp (1.3.2)
    socketry (0.5.1)
      hitimes (~> 1.2)
    watir (6.16.5)
      regexp_parser (~> 1.2)
      selenium-webdriver (~> 3.6)

PLATFORMS
  ruby

DEPENDENCIES
  pry
  selenium-webdriver
  slop
  snmp
  socketry
  watir

RUBY VERSION
   ruby 2.6.3p62

BUNDLED WITH
   2.0.2
