GEM
  remote: https://rubygems.org/
  specs:
    childprocess (3.0.0)
    coderay (1.1.2)
    diff-lcs (1.3)
    hitimes (1.3.1)
    json (2.3.0)
    method_source (0.9.2)
    pry (0.12.2)
      coderay (~> 1.1.0)
      method_source (~> 0.9.0)
    rspec-core (3.9.1)
      rspec-support (~> 3.9.1)
    rspec-expectations (3.9.1)
      diff-lcs (>= 1.2.0, < 2.0)
      rspec-support (~> 3.9.0)
    rspec-support (3.9.2)
    rubyzip (2.3.0)
    selenium-webdriver (3.142.7)
      childprocess (>= 0.5, < 4.0)
      rubyzip (>= 1.2.2)
    slop (4.8.0)
    snmp (1.3.2)
    socketry (0.5.1)
      hitimes (~> 1.2)

PLATFORMS
  ruby

DEPENDENCIES
  json
  pry
  rspec-core
  rspec-expectations
  selenium-webdriver
  slop
  snmp
  socketry

RUBY VERSION
   ruby 2.6.5p114

BUNDLED WITH
   2.1.4
